GEM
  remote: https://rubygems.org/
  specs:
    diff-lcs (1.2.4)
    git (1.2.5)
    json (1.8.0)
    json (1.8.0-java)
    little-plugger (1.1.3)
    logging (1.8.0)
      little-plugger (>= 1.1.3)
      multi_json (>= 1.3.6)
    maestro-plugin-rake-tasks (1.0.3)
      git
      json (>= 1.4.6)
      nokogiri
      rake (>= 0.9.2)
      zippy
    maestro_plugin (0.0.17)
      json (>= 1.4.6)
      logging (= 1.8.0)
      rubyzip (= 0.9.8)
    metaclass (0.0.1)
    mime-types (1.23)
    mocha (0.14.0)
      metaclass (~> 0.0.1)
    multi_json (1.7.9)
    nokogiri (1.5.9)
    nokogiri (1.5.9-java)
    rake (10.0.4)
    rest-client (1.6.7)
      mime-types (>= 1.16)
    right_api_client (1.5.9)
      json
      rest-client (= 1.6.7)
    rspec (2.13.0)
      rspec-core (~> 2.13.0)
      rspec-expectations (~> 2.13.0)
      rspec-mocks (~> 2.13.0)
    rspec-core (2.13.1)
    rspec-expectations (2.13.0)
      diff-lcs (>= 1.1.3, < 2.0)
    rspec-mocks (2.13.1)
    rubyzip (0.9.8)
    zippy (0.2.1)
      rubyzip (>= 0.9.1)

PLATFORMS
  java

DEPENDENCIES
  maestro-plugin-rake-tasks
  maestro_plugin (>= 0.0.17)
  mocha
  right_api_client
  rspec
