GEM
  remote: https://rubygems.org/
  specs:
    andand (1.3.1)
    blankslate (2.1.2.4)
    bouncy-castle-java (1.5.0147)
    builder (2.1.2)
    columnize (0.3.6)
    diff-lcs (1.2.3)
    eventmachine (0.12.10-java)
    facter (1.6.3)
    file-tail (1.0.12)
      tins (~> 0.5)
    git (1.2.5)
    grit (2.4.1)
      diff-lcs (~> 1.1)
      mime-types (~> 1.15)
    jruby-openssl (0.8.7)
      bouncy-castle-java (>= 1.5.0147)
    json (1.7.7-java)
    little-plugger (1.1.3)
    logging (1.8.0)
      little-plugger (>= 1.1.3)
      multi_json (>= 1.3.6)
    maestro_agent (1.5.1)
      andand (= 1.3.1)
      builder (= 2.1.2)
      columnize (= 0.3.6)
      eventmachine (= 0.12.10)
      facter (= 1.6.3)
      grit (= 2.4.1)
      jruby-openssl
      json (>= 1.4.6)
      logging (= 1.8.0)
      metaclass (= 0.0.1)
      minitar (= 0.5.3)
      multi_json (= 1.3.6)
      net-scp (= 1.0.4)
      net-ssh (= 2.2.1)
      onstomp (= 1.0.5)
      rake (>= 0.9.2.2)
      rest-client (= 1.6.7)
      rubyzip (= 0.9.8)
      ruote (~> 2.2.1.maestro)
      ruote-stomp (= 2.2.2.maestro)
      sexp_processor (= 3.0.9)
      uuidtools (= 2.1.2)
      xml-simple (= 1.1.1)
    metaclass (0.0.1)
    mime-types (1.22)
    minitar (0.5.3)
    mocha (0.13.3)
      metaclass (~> 0.0.1)
    multi_json (1.3.6)
    net-scp (1.0.4)
      net-ssh (>= 1.99.1)
    net-ssh (2.2.1)
    nokogiri (1.5.9-java)
    onstomp (1.0.5)
    parslet (1.2.1)
      blankslate (~> 2.0)
    rake (0.9.2.2)
    rest-client (1.6.7)
      mime-types (>= 1.16)
    right_api_client (1.5.9)
      json
      rest-client (= 1.6.7)
    rspec (2.13.0)
      rspec-core (~> 2.13.0)
      rspec-expectations (~> 2.13.0)
      rspec-mocks (~> 2.13.0)
    rspec-core (2.13.1)
    rspec-expectations (2.13.0)
      diff-lcs (>= 1.1.3, < 2.0)
    rspec-mocks (2.13.1)
    ruby2ruby (1.3.1)
      ruby_parser (~> 2.0)
      sexp_processor (~> 3.0)
    ruby_parser (2.3.1)
      sexp_processor (~> 3.0)
    rubyzip (0.9.8)
    rufus-cloche (1.0.4)
      rufus-json (>= 1.0.3)
    rufus-dollar (1.0.4)
    rufus-json (1.0.4)
    rufus-mnemo (1.2.3)
    rufus-scheduler (2.0.18)
      tzinfo (>= 0.3.23)
    rufus-treechecker (1.0.8)
      ruby_parser (>= 2.0.5)
    ruote (2.2.1.maestro)
      parslet (= 1.2.1)
      rufus-cloche (>= 1.0.1)
      rufus-dollar (>= 1.0.4)
      rufus-json (>= 1.0.1)
      rufus-mnemo (>= 1.1.0)
      rufus-scheduler (>= 2.0.9)
      rufus-treechecker (>= 1.0.6)
      sourcify (= 0.5.0)
    ruote-stomp (2.2.2.maestro)
      json
      onstomp (~> 1.0.4)
      parslet
      ruote (~> 2.2.0)
    sexp_processor (3.0.9)
    sourcify (0.5.0)
      file-tail (>= 1.0.5)
      ruby2ruby (>= 1.2.5)
      ruby_parser (>= 2.0.5)
      sexp_processor (>= 3.0.5)
    tins (0.7.2)
    tzinfo (0.3.37)
    uuidtools (2.1.2)
    xml-simple (1.1.1)
    zippy (0.2.1)
      rubyzip (>= 0.9.1)

PLATFORMS
  java

DEPENDENCIES
  git
  maestro_agent (>= 1.5.0)
  mocha
  nokogiri
  rake (>= 0.9.2.2)
  right_api_client
  rspec
  zippy
